GEM
  remote: https://rubygems.org/
  specs:
    debase (0.2.1)
      debase-ruby_core_source
    debase-ruby_core_source (0.10.2)
    mustermann (1.0.1)
    rack (2.0.3)
    rack-protection (2.0.0)
      rack
    rake (12.3.0)
    ruby-debug-ide (0.6.0)
      rake (>= 0.8.1)
    sinatra (2.0.0)
      mustermann (~> 1.0)
      rack (~> 2.0)
      rack-protection (= 2.0.0)
      tilt (~> 2.0)
    tilt (2.0.8)

PLATFORMS
  ruby

DEPENDENCIES
  debase
  ruby-debug-ide
  sinatra

BUNDLED WITH
   1.16.1
